GEM
  remote: https://rubygems.org/
  specs:
    foreman (0.87.2)

PLATFORMS
  x86_64-darwin-20

DEPENDENCIES
  foreman

RUBY VERSION
   ruby 3.0.0p0

BUNDLED WITH
   2.2.19
